GEM
  remote: https://rubygems.org/
  specs:
    graphql (1.8.11)
    rack (2.0.6)
    roda (3.14.1)
      rack

PLATFORMS
  ruby

DEPENDENCIES
  graphql
  roda

BUNDLED WITH
   1.16.6
