GEM
  remote: https://rubygems.org/
  specs:
    rack (2.0.6)
    roda (3.14.1)
      rack

PLATFORMS
  ruby

DEPENDENCIES
  roda

BUNDLED WITH
   1.16.6
